GIT
  remote: https://github.com/feedbin/feedjira.git
  revision: 7afc7f011a04c8376bbfb84c5ce22b639459dab2
  branch: f2
  specs:
    feedjira (2.1.2)
      faraday (>= 0.9)
      faraday_middleware (>= 0.9)
      loofah (>= 2.0)
      sax-machine (>= 1.0)

GIT
  remote: https://github.com/feedbin/feedkit.git
  revision: 1b27c1347d3a9bb6c37cc4038c63fa787ebcebb8
  branch: master
  specs:
    feedkit (0.1.0)
      addressable (~> 2.8.0)
      feedjira (~> 2.0)
      http (~> 4.4)
      rchardet (~> 1.8.0)
      twitter (~> 7.0)
      twitter-text (~> 3.1.0)

GIT
  remote: https://github.com/feedbin/http.git
  revision: 334b230d2033177ebf535e8277e21408cd8fdfcf
  branch: feedbin
  specs:
    http (4.4.1)
      addressable (~> 2.3)
      http-cookie (~> 1.0)
      http-form_data (~> 2.2)
      http-parser (~> 1.2.0)

GIT
  remote: https://github.com/feedbin/sax-machine.git
  revision: 80c6e3b9eb4ab0ac16a0eeaac13d10a713d10423
  branch: feedbin
  specs:
    sax-machine (1.3.2)

GEM
  remote: https://rubygems.org/
  specs:
    addressable (2.8.0)
      public_suffix (>= 2.0.2, < 5.0)
    aggregate (0.2.3)
    buftok (0.2.0)
    connection_pool (2.2.5)
    crack (0.4.5)
      rexml
    crass (1.0.6)
    domain_name (0.5.20190701)
      unf (>= 0.0.5, < 1.0.0)
    dotenv (2.7.6)
    equalizer (0.0.11)
    faraday (0.17.4)
      multipart-post (>= 1.2, < 3)
    faraday_middleware (0.14.0)
      faraday (>= 0.7.4, < 1.0)
    ffi (1.15.5)
    ffi-compiler (1.0.1)
      ffi (>= 1.0.0)
      rake
    foreman (0.87.2)
    hashdiff (1.0.1)
    hetchy (1.0.0)
    http-cookie (1.0.4)
      domain_name (~> 0.5)
    http-form_data (2.3.0)
    http-parser (1.2.3)
      ffi-compiler (>= 1.0, < 2.0)
    http_parser.rb (0.6.0)
    idn-ruby (0.1.4)
    librato-metrics (1.6.1)
      aggregate (~> 0.2.2)
      faraday (~> 0.7)
      multi_json
    librato-rack (1.1.1)
      hetchy (~> 1.0)
      librato-metrics (~> 1.6)
    loofah (2.13.0)
      crass (~> 1.0.2)
      nokogiri (>= 1.5.9)
    memoizable (0.4.2)
      thread_safe (~> 0.3, >= 0.3.1)
    mini_portile2 (2.8.0)
    minitest (5.15.0)
    multi_json (1.15.0)
    multipart-post (2.1.1)
    naught (1.1.0)
    nokogiri (1.13.5)
      mini_portile2 (~> 2.8.0)
      racc (~> 1.4)
    public_suffix (4.0.6)
    racc (1.6.0)
    rack (2.2.3)
    rake (13.0.6)
    rchardet (1.8.0)
    redis (4.6.0)
    resolv (0.2.1)
    rexml (3.2.5)
    sidekiq (6.4.0)
      connection_pool (>= 2.2.2)
      rack (~> 2.0)
      redis (>= 4.2.0)
    simple_oauth (0.3.1)
    thread_safe (0.3.6)
    twitter (7.0.0)
      addressable (~> 2.3)
      buftok (~> 0.2.0)
      equalizer (~> 0.0.11)
      http (~> 4.0)
      http-form_data (~> 2.0)
      http_parser.rb (~> 0.6.0)
      memoizable (~> 0.4.0)
      multipart-post (~> 2.0)
      naught (~> 1.0)
      simple_oauth (~> 0.3.0)
    twitter-text (3.1.0)
      idn-ruby
      unf (~> 0.1.0)
    unf (0.1.4)
      unf_ext
    unf_ext (0.0.8)
    webmock (3.14.0)
      addressable (>= 2.8.0)
      crack (>= 0.3.2)
      hashdiff (>= 0.4.0, < 2.0.0)

PLATFORMS
  ruby

DEPENDENCIES
  bundler
  connection_pool
  dotenv
  feedjira!
  feedkit!
  foreman
  http!
  librato-metrics (= 1.6.1)
  librato-rack
  minitest
  nokogiri
  rake
  redis
  resolv
  sax-machine!
  sidekiq
  unf_ext
  webmock

BUNDLED WITH
   2.2.26
