GIT
  remote: git://github.com/feedbin/feedjira.git
  revision: a8a90bbc601f695c07e0797688e846d5d561263c
  ref: a8a90bb
  specs:
    feedjira (2.1.2)
      faraday (>= 0.9)
      faraday_middleware (>= 0.9)
      loofah (>= 2.0)
      sax-machine (>= 1.0)

GIT
  remote: git://github.com/feedbin/feedkit.git
  revision: 95207bfe0a09c9b7267c5a800be4b04adca341e2
  branch: master
  specs:
    feedkit (0.1.0)
      curb (~> 0.9)
      feedjira (~> 2.0)
      twitter (~> 6.2)
      twitter-text (~> 2.1)

GEM
  remote: https://rubygems.org/
  specs:
    addressable (2.7.0)
      public_suffix (>= 2.0.2, < 5.0)
    aggregate (0.2.2)
    buftok (0.2.0)
    capistrano (3.4.0)
      i18n
      rake (>= 10.0.0)
      sshkit (~> 1.3)
    capistrano-bundler (1.6.0)
      capistrano (~> 3.1)
    capistrano-rbenv (2.1.4)
      capistrano (~> 3.1)
      sshkit (~> 1.3)
    concurrent-ruby (1.1.5)
    connection_pool (2.2.2)
    coveralls (0.8.23)
      json (>= 1.8, < 3)
      simplecov (~> 0.16.1)
      term-ansicolor (~> 1.3)
      thor (>= 0.19.4, < 2.0)
      tins (~> 1.6)
    crack (0.4.3)
      safe_yaml (~> 1.0.0)
    crass (1.0.6)
    curb (0.9.10)
    docile (1.3.2)
    domain_name (0.5.20190701)
      unf (>= 0.0.5, < 1.0.0)
    dotenv (2.7.5)
    equalizer (0.0.11)
    faraday (0.17.3)
      multipart-post (>= 1.2, < 3)
    faraday_middleware (0.14.0)
      faraday (>= 0.7.4, < 1.0)
    ffi (1.11.3)
    foreman (0.63.0)
      dotenv (>= 0.7)
      thor (>= 0.13.6)
    hashdiff (1.0.0)
    hetchy (1.0.0)
    http (3.3.0)
      addressable (~> 2.3)
      http-cookie (~> 1.0)
      http-form_data (~> 2.0)
      http_parser.rb (~> 0.6.0)
    http-cookie (1.0.3)
      domain_name (~> 0.5)
    http-form_data (2.2.0)
    http_parser.rb (0.6.0)
    i18n (1.7.0)
      concurrent-ruby (~> 1.0)
    idn-ruby (0.1.0)
    json (2.2.0)
    librato-metrics (2.1.2)
      aggregate (~> 0.2.2)
      faraday
    librato-rack (2.0.5)
      hetchy (~> 1.0)
      librato-metrics (~> 2.1, >= 2.1.0)
    loofah (2.4.0)
      crass (~> 1.0.2)
      nokogiri (>= 1.5.9)
    memoizable (0.4.2)
      thread_safe (~> 0.3, >= 0.3.1)
    mini_portile2 (2.4.0)
    minitest (5.13.0)
    msgpack (1.3.1)
    multipart-post (2.1.1)
    naught (1.1.0)
    net-scp (2.0.0)
      net-ssh (>= 2.6.5, < 6.0.0)
    net-ssh (5.2.0)
    nokogiri (1.10.8)
      mini_portile2 (~> 2.4.0)
    optimist (3.0.0)
    public_suffix (4.0.3)
    rack (2.0.7)
    rack-protection (2.0.7)
      rack
    rake (13.0.1)
    rbtrace (0.4.11)
      ffi (>= 1.0.6)
      msgpack (>= 0.4.3)
      optimist (>= 3.0.0)
    redis (4.1.3)
    safe_yaml (1.0.5)
    sax-machine (1.3.2)
    sidekiq (6.0.3)
      connection_pool (>= 2.2.2)
      rack (>= 2.0.0)
      rack-protection (>= 2.0.0)
      redis (>= 4.1.0)
    simple_oauth (0.3.1)
    simplecov (0.16.1)
      docile (~> 1.1)
      json (>= 1.8, < 3)
      simplecov-html (~> 0.10.0)
    simplecov-html (0.10.2)
    sshkit (1.20.0)
      net-scp (>= 1.1.2)
      net-ssh (>= 2.8.0)
    term-ansicolor (1.7.1)
      tins (~> 1.0)
    thor (0.20.3)
    thread_safe (0.3.6)
    tins (1.22.2)
    twitter (6.2.0)
      addressable (~> 2.3)
      buftok (~> 0.2.0)
      equalizer (~> 0.0.11)
      http (~> 3.0)
      http-form_data (~> 2.0)
      http_parser.rb (~> 0.6.0)
      memoizable (~> 0.4.0)
      multipart-post (~> 2.0)
      naught (~> 1.0)
      simple_oauth (~> 0.3.0)
    twitter-text (2.1.0)
      idn-ruby
      unf (~> 0.1.0)
    unf (0.1.4)
      unf_ext
    unf_ext (0.0.7.6)
    webmock (3.7.6)
      addressable (>= 2.3.6)
      crack (>= 0.3.2)
      hashdiff (>= 0.4.0, < 2.0.0)

PLATFORMS
  ruby

DEPENDENCIES
  bundler
  capistrano (= 3.4.0)
  capistrano-bundler
  capistrano-rbenv
  connection_pool
  coveralls
  dotenv
  feedjira!
  feedkit!
  foreman (= 0.63.0)
  librato-rack
  minitest
  nokogiri (= 1.10.8)
  rake
  rbtrace
  redis
  sidekiq
  webmock

BUNDLED WITH
   1.17.2
